PATH
  remote: .
  specs:
    dropkiq (0.1.0)

GEM
  remote: https://rubygems.org/
  specs:
    coderay (1.1.2)
    liquid (4.0.3)
    method_source (0.9.2)
    minitest (5.13.0)
    pry (0.12.2)
      coderay (~> 1.1.0)
      method_source (~> 0.9.0)
    rake (10.5.0)

PLATFORMS
  ruby

DEPENDENCIES
  bundler (~> 2.0)
  dropkiq!
  liquid (~> 4.0.3)
  minitest (~> 5.0)
  pry (~> 0.12.2)
  rake (~> 10.0)

BUNDLED WITH
   2.0.1
