PATH
  remote: .
  specs:
    dropkiq (0.1.1)
      activerecord (>= 4.2)
      liquid (~> 4.0)

GEM
  remote: https://rubygems.org/
  specs:
    activemodel (5.2.3)
      activesupport (= 5.2.3)
    activerecord (5.2.3)
      activemodel (= 5.2.3)
      activesupport (= 5.2.3)
      arel (>= 9.0)
    activesupport (5.2.3)
      concurrent-ruby (~> 1.0, >= 1.0.2)
      i18n (>= 0.7, < 2)
      minitest (~> 5.1)
      tzinfo (~> 1.1)
    arel (9.0.0)
    coderay (1.1.2)
    concurrent-ruby (1.1.5)
    i18n (1.7.0)
      concurrent-ruby (~> 1.0)
    liquid (4.0.3)
    method_source (0.9.2)
    minitest (5.13.0)
    mocha (1.11.2)
    pry (0.12.2)
      coderay (~> 1.1.0)
      method_source (~> 0.9.0)
    rake (10.5.0)
    sqlite3 (1.3.13)
    thread_safe (0.3.6)
    tzinfo (1.2.5)
      thread_safe (~> 0.1)

PLATFORMS
  ruby

DEPENDENCIES
  bundler (~> 2.0)
  dropkiq!
  minitest (~> 5.0)
  mocha (~> 1.11.2)
  pry (~> 0.12.2)
  rake (~> 10.0)
  sqlite3 (~> 1.3.13)

BUNDLED WITH
   2.0.1
