PATH
  remote: .
  specs:
    dropkiq (0.1.13)
      activerecord (>= 4.2)
      liquid (~> 4.0)

GEM
  remote: https://rubygems.org/
  specs:
    activemodel (7.0.3.1)
      activesupport (= 7.0.3.1)
    activerecord (7.0.3.1)
      activemodel (= 7.0.3.1)
      activesupport (= 7.0.3.1)
    activesupport (7.0.3.1)
      concurrent-ruby (~> 1.0, >= 1.0.2)
      i18n (>= 1.6, < 2)
      minitest (>= 5.1)
      tzinfo (~> 2.0)
    coderay (1.1.2)
    concurrent-ruby (1.1.10)
    i18n (1.11.0)
      concurrent-ruby (~> 1.0)
    liquid (4.0.3)
    method_source (0.9.2)
    minitest (5.13.0)
    minitest-focus (1.1.2)
      minitest (>= 4, < 6)
    mocha (1.11.2)
    pry (0.12.2)
      coderay (~> 1.1.0)
      method_source (~> 0.9.0)
    rake (13.0.1)
    sqlite3 (1.3.13)
    tzinfo (2.0.4)
      concurrent-ruby (~> 1.0)

PLATFORMS
  ruby

DEPENDENCIES
  bundler (~> 2.0)
  dropkiq!
  minitest (~> 5.0)
  minitest-focus (~> 1.1.2)
  mocha (~> 1.11.2)
  pry (~> 0.12.2)
  rake (~> 13.0)
  sqlite3 (~> 1.3.13)

BUNDLED WITH
   2.1.4
